PATH
  remote: .
  specs:
    pelias (0.0.1)

GEM
  remote: https://rubygems.org/
  specs:
    columnize (0.3.6)
    dbf (2.0.6)
      fastercsv (~> 1.5.4)
    debugger (1.6.2)
      columnize (>= 0.3.1)
      debugger-linecache (~> 1.2.0)
      debugger-ruby_core_source (~> 1.2.3)
    debugger-linecache (1.2.0)
    debugger-ruby_core_source (1.2.3)
    diff-lcs (1.2.4)
    elasticsearch (0.4.0)
      elasticsearch-api (= 0.4.0)
      elasticsearch-transport (= 0.4.0)
    elasticsearch-api (0.4.0)
      multi_json
    elasticsearch-transport (0.4.0)
      faraday
      multi_json
    faraday (0.8.8)
      multipart-post (~> 1.2.0)
    fastercsv (1.5.5)
    geokit (1.6.7)
      multi_json (>= 1.3.2)
    hashie (2.0.5)
    multi_json (1.8.2)
    multipart-post (1.2.0)
    pg (0.17.0)
    rake (10.1.0)
    rgeo (0.3.20)
    rgeo-shapefile (0.2.3)
      dbf (>= 1.7.0)
      rgeo (>= 0.3.3)
    rspec (2.14.1)
      rspec-core (~> 2.14.0)
      rspec-expectations (~> 2.14.0)
      rspec-mocks (~> 2.14.0)
    rspec-core (2.14.6)
    rspec-expectations (2.14.3)
      diff-lcs (>= 1.1.3, < 2.0)
    rspec-mocks (2.14.4)

PLATFORMS
  ruby

DEPENDENCIES
  bundler (~> 1.3)
  debugger
  elasticsearch
  geokit
  hashie
  pelias!
  pg
  rake
  rgeo-shapefile
  rspec
