PATH
  remote: .
  specs:
    pelias (0.0.1)
      bundler
      elasticsearch
      pg
      rake
      rgeo-geojson
      rgeo-shapefile
      sidekiq
      sidekiq-failures
      sinatra
      tilt-jbuilder
      unicorn
      yajl-ruby

GEM
  remote: https://rubygems.org/
  specs:
    activesupport (4.0.2)
      i18n (~> 0.6, >= 0.6.4)
      minitest (~> 4.2)
      multi_json (~> 1.3)
      thread_safe (~> 0.1)
      tzinfo (~> 0.3.37)
    atomic (1.1.14)
    celluloid (0.15.2)
      timers (~> 1.1.0)
    columnize (0.3.6)
    connection_pool (1.2.0)
    dbf (2.0.7)
      fastercsv (~> 1.5.4)
    debugger (1.6.5)
      columnize (>= 0.3.1)
      debugger-linecache (~> 1.2.0)
      debugger-ruby_core_source (~> 1.3.1)
    debugger-linecache (1.2.0)
    debugger-ruby_core_source (1.3.1)
    diff-lcs (1.2.5)
    elasticsearch (1.0.0)
      elasticsearch-api (= 1.0.0)
      elasticsearch-transport (= 1.0.0)
    elasticsearch-api (1.0.0)
      multi_json
    elasticsearch-transport (1.0.0)
      faraday
      multi_json
    faraday (0.9.0)
      multipart-post (>= 1.2, < 3)
    fastercsv (1.5.5)
    i18n (0.6.9)
    jbuilder (2.0.3)
      activesupport (>= 3.0.0)
      multi_json (>= 1.2.0)
    json (1.8.1)
    kgio (2.9.2)
    minitest (4.7.5)
    multi_json (1.8.4)
    multipart-post (2.0.0)
    pg (0.17.1)
    rack (1.5.2)
    rack-protection (1.5.2)
      rack
    rack-test (0.6.2)
      rack (>= 1.0)
    raindrops (0.12.0)
    rake (10.1.1)
    redis (3.0.7)
    redis-namespace (1.4.1)
      redis (~> 3.0.4)
    rgeo (0.3.20)
    rgeo-geojson (0.2.3)
      rgeo (>= 0.3.7)
    rgeo-shapefile (0.2.3)
      dbf (>= 1.7.0)
      rgeo (>= 0.3.3)
    rspec (2.14.1)
      rspec-core (~> 2.14.0)
      rspec-expectations (~> 2.14.0)
      rspec-mocks (~> 2.14.0)
    rspec-core (2.14.7)
    rspec-expectations (2.14.5)
      diff-lcs (>= 1.1.3, < 2.0)
    rspec-mocks (2.14.5)
    ruby-progressbar (1.4.1)
    sidekiq (2.17.5)
      celluloid (>= 0.15.2)
      connection_pool (>= 1.0.0)
      json
      redis (>= 3.0.6)
      redis-namespace (>= 1.3.1)
    sidekiq-failures (0.3.0)
      sidekiq (>= 2.14.0)
    sinatra (1.4.4)
      rack (~> 1.4)
      rack-protection (~> 1.4)
      tilt (~> 1.3, >= 1.3.4)
    thread_safe (0.1.3)
      atomic
    tilt (1.4.1)
    tilt-jbuilder (0.5.3)
      jbuilder
      tilt (<= 1.4.1)
    timers (1.1.0)
    tzinfo (0.3.38)
    unicorn (4.8.2)
      kgio (~> 2.6)
      rack
      raindrops (~> 0.7)
    yajl-ruby (1.2.0)

PLATFORMS
  ruby

DEPENDENCIES
  debugger
  pelias!
  rack-test
  rspec
  ruby-progressbar
