PATH
  remote: .
  specs:
    pelias (0.0.1)
      bundler (~> 1.3)
      debugger
      elasticsearch
      pg
      rake
      rgeo-geojson
      rgeo-shapefile
      rspec
      rubyzip
      sidekiq
      sinatra
      sinatra-cross_origin
      unicorn

GEM
  remote: https://rubygems.org/
  specs:
    celluloid (0.15.2)
      timers (~> 1.1.0)
    columnize (0.3.6)
    connection_pool (1.2.0)
    dbf (2.0.7)
      fastercsv (~> 1.5.4)
    debugger (1.6.5)
      columnize (>= 0.3.1)
      debugger-linecache (~> 1.2.0)
      debugger-ruby_core_source (~> 1.3.1)
    debugger-linecache (1.2.0)
    debugger-ruby_core_source (1.3.1)
    diff-lcs (1.2.5)
    elasticsearch (0.4.5)
      elasticsearch-api (= 0.4.5)
      elasticsearch-transport (= 0.4.5)
    elasticsearch-api (0.4.5)
      multi_json
    elasticsearch-transport (0.4.5)
      faraday
      multi_json
    faraday (0.8.8)
      multipart-post (~> 1.2.0)
    fastercsv (1.5.5)
    json (1.8.1)
    kgio (2.8.1)
    multi_json (1.8.2)
    multipart-post (1.2.0)
    pg (0.17.1)
    rack (1.5.2)
    rack-protection (1.5.1)
      rack
    raindrops (0.12.0)
    rake (10.1.1)
    redis (3.0.6)
    redis-namespace (1.4.1)
      redis (~> 3.0.4)
    rgeo (0.3.20)
    rgeo-geojson (0.2.3)
      rgeo (>= 0.3.7)
    rgeo-shapefile (0.2.3)
      dbf (>= 1.7.0)
      rgeo (>= 0.3.3)
    rspec (2.14.1)
      rspec-core (~> 2.14.0)
      rspec-expectations (~> 2.14.0)
      rspec-mocks (~> 2.14.0)
    rspec-core (2.14.7)
    rspec-expectations (2.14.4)
      diff-lcs (>= 1.1.3, < 2.0)
    rspec-mocks (2.14.4)
    rubyzip (1.1.0)
    sidekiq (2.17.2)
      celluloid (>= 0.15.2)
      connection_pool (>= 1.0.0)
      json
      redis (>= 3.0.6)
      redis-namespace (>= 1.3.1)
    sinatra (1.4.4)
      rack (~> 1.4)
      rack-protection (~> 1.4)
      tilt (~> 1.3, >= 1.3.4)
    sinatra-cross_origin (0.3.2)
    tilt (1.4.1)
    timers (1.1.0)
    unicorn (4.7.0)
      kgio (~> 2.6)
      rack
      raindrops (~> 0.7)

PLATFORMS
  ruby

DEPENDENCIES
  pelias!
